GEM
  remote: https://rubygems.org/
  specs:
    dotenv (2.7.2)
    line-bot-api (1.9.0)
    mqtt (0.5.0)
    mustermann (1.0.3)
    rack (2.0.7)
    rack-protection (2.0.5)
      rack
    sinatra (2.0.5)
      mustermann (~> 1.0)
      rack (~> 2.0)
      rack-protection (= 2.0.5)
      tilt (~> 2.0)
    tilt (2.0.9)

PLATFORMS
  x64-mingw32

DEPENDENCIES
  dotenv
  line-bot-api
  mqtt
  sinatra

RUBY VERSION
   ruby 2.6.3p62

BUNDLED WITH
   2.0.1
